GEM
  remote: https://rubygems.org/
  specs:
    colored (1.2)
    mini_portile (0.6.2)
    nokogiri (1.6.5)
      mini_portile (~> 0.6.0)
    table_print (1.5.3)

PLATFORMS
  ruby

DEPENDENCIES
  colored
  nokogiri
  table_print
